STORAGE: NONE

GROUP Build
RESTRICTION: >= net45
NUGET
  remote: https://api.nuget.org/v3/index.json
    FAKE (4.64.14)

GROUP Client
NUGET
  remote: https://api.nuget.org/v3/index.json
    Fable.Core (2.0.3)
      FSharp.Core (>= 4.5.2) - restriction: >= netstandard2.0
    Fable.Elmish (2.0.3) - restriction: >= netstandard2.0
      Fable.Core (>= 2.0) - restriction: >= netstandard2.0
      Fable.PowerPack (>= 2.0.1) - restriction: >= netstandard2.0
      FSharp.Core (>= 4.5.2) - restriction: >= netstandard2.0
    Fable.Elmish.Browser (2.1) - restriction: >= netstandard2.0
      Fable.Core (>= 2.0) - restriction: >= netstandard2.0
      Fable.Elmish (>= 2.0) - restriction: >= netstandard2.0
      Fable.Import.Browser (>= 1.3) - restriction: >= netstandard2.0
      FSharp.Core (>= 4.5.2) - restriction: >= netstandard2.0
    Fable.Elmish.Debugger (2.0.2)
      Fable.Core (>= 2.0) - restriction: >= netstandard2.0
      Fable.Elmish (>= 2.0) - restriction: >= netstandard2.0
      FSharp.Core (>= 4.5.2) - restriction: >= netstandard2.0
    Fable.Elmish.HMR (3.0.2)
      Fable.Core (>= 2.0.1) - restriction: >= netstandard2.0
      Fable.Elmish (>= 2.0.3) - restriction: >= netstandard2.0
      Fable.Elmish.Browser (>= 2.1) - restriction: >= netstandard2.0
      Fable.Elmish.React (>= 2.1) - restriction: >= netstandard2.0
      Fable.Import.HMR (>= 0.1) - restriction: >= netstandard2.0
      Fable.React (>= 4.1.3) - restriction: >= netstandard2.0
      FSharp.Core (>= 4.5.2) - restriction: >= netstandard2.0
    Fable.Elmish.React (2.1)
      Fable.Core (>= 2.0) - restriction: >= netstandard2.0
      Fable.Elmish (>= 2.0) - restriction: >= netstandard2.0
      Fable.PowerPack (>= 2.0.1) - restriction: >= netstandard2.0
      Fable.React (>= 4.0.1) - restriction: >= netstandard2.0
      FSharp.Core (>= 4.5.2) - restriction: >= netstandard2.0
    Fable.Import.Browser (1.3) - restriction: >= netstandard2.0
      Fable.Core (>= 1.3.17) - restriction: >= netstandard1.6
    Fable.Import.HMR (0.1) - restriction: >= netstandard2.0
      Fable.Core (>= 1.3.17) - restriction: >= netstandard1.6
    Fable.Parsimmon (3.2) - restriction: >= netstandard2.0
      Fable.Core (>= 2.0) - restriction: >= netstandard2.0
      FSharp.Core (>= 4.5.2) - restriction: >= netstandard2.0
    Fable.PowerPack (3.0) - restriction: >= netstandard2.0
      Fable.Core (>= 2.0) - restriction: >= netstandard2.0
      Fable.Import.Browser (>= 1.3) - restriction: >= netstandard2.0
      FSharp.Core (>= 4.5.2) - restriction: >= netstandard2.0
      Thoth.Json (>= 2.0) - restriction: >= netstandard2.0
    Fable.React (4.1.3) - restriction: >= netstandard2.0
      Fable.Core (>= 2.0) - restriction: >= netstandard2.0
      Fable.Import.Browser (>= 1.3) - restriction: >= netstandard2.0
      FSharp.Core (>= 4.5.2) - restriction: >= netstandard2.0
    Fable.Remoting.Client (4.5.5)
      Fable.Core (>= 2.0) - restriction: >= netstandard2.0
      Fable.Import.Browser (>= 1.3) - restriction: >= netstandard2.0
      Fable.SimpleJson (>= 2.9) - restriction: >= netstandard2.0
      FSharp.Core (>= 4.5.2) - restriction: >= netstandard2.0
    Fable.SimpleJson (2.9) - restriction: >= netstandard2.0
      Fable.Core (>= 2.0) - restriction: >= netstandard2.0
      Fable.Parsimmon (>= 3.1) - restriction: >= netstandard2.0
      FSharp.Core (>= 4.5.2) - restriction: >= netstandard2.0
    FSharp.Core (4.6.1) - restriction: >= netstandard2.0
    Thoth.Json (2.5) - restriction: >= netstandard2.0
      Fable.Core (>= 2.0) - restriction: >= netstandard2.0
      FSharp.Core (>= 4.5.2) - restriction: >= netstandard2.0

GROUP Server
STORAGE: NONE
NUGET
  remote: https://api.nuget.org/v3/index.json
    Fable.Remoting.Json (2.2) - restriction: || (>= net461) (>= netstandard2.0)
      FSharp.Core (>= 4.3.4) - restriction: || (>= net45) (>= netstandard2.0)
      Newtonsoft.Json (>= 11.0.1) - restriction: || (>= net45) (>= netstandard2.0)
    Fable.Remoting.Server (4.4.1) - restriction: || (>= net461) (>= netstandard2.0)
      Fable.Remoting.Json (>= 2.2) - restriction: || (>= net45) (>= netstandard2.0)
      FSharp.Core (>= 4.3.4) - restriction: || (>= net45) (>= netstandard2.0)
    Fable.Remoting.Suave (3.7)
      Fable.Remoting.Json (>= 2.2) - restriction: || (>= net461) (>= netstandard2.0)
      Fable.Remoting.Server (>= 4.4.1) - restriction: || (>= net461) (>= netstandard2.0)
      FSharp.Core (>= 4.3.4) - restriction: || (>= net461) (>= netstandard2.0)
      Suave (>= 2.5) - restriction: || (>= net461) (>= netstandard2.0)
    FSharp.Core (4.7)
    LiteDB (4.1.4) - restriction: || (&& (>= net45) (< netstandard2.0)) (&& (< net45) (>= netstandard2.0)) (>= net461)
      System.Reflection (>= 4.3) - restriction: || (&& (< net35) (>= netstandard1.3)) (>= netstandard2.0)
      System.Reflection.TypeExtensions (>= 4.3) - restriction: || (&& (< net35) (>= netstandard1.3)) (>= netstandard2.0)
    LiteDB.FSharp (2.15)
      FSharp.Core (>= 4.7) - restriction: || (&& (>= net45) (< netstandard2.0)) (&& (< net45) (>= netstandard2.0)) (>= net461)
      LiteDB (>= 4.1.4) - restriction: || (&& (>= net45) (< netstandard2.0)) (&& (< net45) (>= netstandard2.0)) (>= net461)
      Newtonsoft.Json (>= 12.0.2) - restriction: || (&& (>= net45) (< netstandard2.0)) (&& (< net45) (>= netstandard2.0)) (>= net461)
      TypeShape (>= 7.1) - restriction: || (&& (>= net45) (< netstandard2.0)) (&& (< net45) (>= netstandard2.0)) (>= net461)
    Microsoft.NETCore.Platforms (2.2) - restriction: || (&& (< monoandroid) (< net35) (< netstandard1.3) (>= netstandard2.0) (< win8) (< wpa81)) (&& (< monoandroid) (< net35) (< netstandard1.5) (>= netstandard2.0) (< win8) (< wpa81)) (&& (< monoandroid) (< net35) (>= netstandard2.0) (< win8) (< wpa81) (< xamarinios) (< xamarinmac)) (&& (< monoandroid) (< net45) (< netstandard1.3) (>= netstandard2.0) (< win8) (< wpa81)) (&& (< monoandroid) (< net45) (< netstandard1.5) (>= netstandard2.0) (< win8) (< wpa81)) (&& (< monoandroid) (< net45) (>= netstandard2.0) (< win8) (< wpa81) (< xamarinios) (< xamarinmac)) (&& (< net35) (>= net45) (>= netstandard1.3) (< netstandard1.5)) (&& (< net35) (>= net45) (>= netstandard1.5) (< netstandard2.0)) (&& (< net35) (>= net461) (< netstandard1.3)) (&& (< net35) (>= net461) (>= netstandard1.5)) (&& (< net35) (>= net461) (< netstandard1.5)) (&& (< net45) (>= net461) (>= netstandard2.0))
    Microsoft.NETCore.Targets (2.1) - restriction: || (&& (< monoandroid) (< net35) (< netstandard1.3) (>= netstandard2.0) (< win8) (< wpa81)) (&& (< monoandroid) (< net35) (< netstandard1.5) (>= netstandard2.0) (< win8) (< wpa81)) (&& (< monoandroid) (< net35) (>= netstandard2.0) (< win8) (< wpa81) (< xamarinios) (< xamarinmac)) (&& (< monoandroid) (< net45) (< netstandard1.3) (>= netstandard2.0) (< win8) (< wpa81)) (&& (< monoandroid) (< net45) (< netstandard1.5) (>= netstandard2.0) (< win8) (< wpa81)) (&& (< monoandroid) (< net45) (>= netstandard2.0) (< win8) (< wpa81) (< xamarinios) (< xamarinmac)) (&& (< net35) (>= net45) (>= netstandard1.3) (< netstandard1.5)) (&& (< net35) (>= net45) (>= netstandard1.5) (< netstandard2.0)) (&& (< net35) (>= net461) (< netstandard1.3)) (&& (< net35) (>= net461) (>= netstandard1.5)) (&& (< net35) (>= net461) (< netstandard1.5)) (&& (< net45) (>= net461) (>= netstandard2.0))
    Newtonsoft.Json (12.0.3) - restriction: || (>= net45) (>= netstandard2.0)
    Suave (2.5)
      FSharp.Core (>= 4.0 < 5.0) - restriction: || (>= net461) (>= netstandard2.0)
    System.IO (4.3) - restriction: || (&& (< monoandroid) (< net35) (< netstandard1.3) (>= netstandard2.0) (< win8) (< wpa81)) (&& (< monoandroid) (< net35) (< netstandard1.5) (>= netstandard2.0) (< win8) (< wpa81)) (&& (< monoandroid) (< net35) (>= netstandard2.0) (< win8) (< wpa81) (< xamarinios) (< xamarinmac)) (&& (< monoandroid) (< net45) (< netstandard1.3) (>= netstandard2.0) (< win8) (< wpa81)) (&& (< monoandroid) (< net45) (< netstandard1.5) (>= netstandard2.0) (< win8) (< wpa81)) (&& (< monoandroid) (< net45) (>= netstandard2.0) (< win8) (< wpa81) (< xamarinios) (< xamarinmac)) (&& (< net35) (>= net45) (>= netstandard1.3) (< netstandard1.5)) (&& (< net35) (>= net45) (>= netstandard1.5) (< netstandard2.0)) (&& (< net35) (>= net461) (< netstandard1.3)) (&& (< net35) (>= net461) (>= netstandard1.5)) (&& (< net35) (>= net461) (< netstandard1.5)) (&& (< net45) (>= net461) (>= netstandard2.0))
      Microsoft.NETCore.Platforms (>= 1.1) - restriction: || (&& (< monoandroid) (< monotouch) (< net45) (>= netstandard1.5) (< win8) (< wpa81) (< xamarinios) (< xamarinmac) (< xamarintvos) (< xamarinwatchos)) (&& (< monoandroid) (< net45) (>= netstandard1.0) (< netstandard1.3) (< win8) (< wp8) (< wpa81)) (&& (< monoandroid) (< net45) (>= netstandard1.3) (< netstandard1.5) (< win8) (< wpa81))
      Microsoft.NETCore.Targets (>= 1.1) - restriction: || (&& (< monoandroid) (< monotouch) (< net45) (>= netstandard1.5) (< win8) (< wpa81) (< xamarinios) (< xamarinmac) (< xamarintvos) (< xamarinwatchos)) (&& (< monoandroid) (< net45) (>= netstandard1.0) (< netstandard1.3) (< win8) (< wp8) (< wpa81)) (&& (< monoandroid) (< net45) (>= netstandard1.3) (< netstandard1.5) (< win8) (< wpa81))
      System.Runtime (>= 4.3) - restriction: || (&& (< monoandroid) (< monotouch) (< net45) (>= netstandard1.5) (< win8) (< wpa81) (< xamarinios) (< xamarinmac) (< xamarintvos) (< xamarinwatchos)) (&& (< monoandroid) (< net45) (>= netstandard1.0) (< netstandard1.3) (< win8) (< wp8) (< wpa81)) (&& (< monoandroid) (< net45) (>= netstandard1.3) (< netstandard1.5) (< win8) (< wpa81))
      System.Text.Encoding (>= 4.3) - restriction: || (&& (< monoandroid) (< monotouch) (< net45) (>= netstandard1.5) (< win8) (< wpa81) (< xamarinios) (< xamarinmac) (< xamarintvos) (< xamarinwatchos)) (&& (< monoandroid) (< net45) (>= netstandard1.0) (< netstandard1.3) (< win8) (< wp8) (< wpa81)) (&& (< monoandroid) (< net45) (>= netstandard1.3) (< netstandard1.5) (< win8) (< wpa81))
      System.Threading.Tasks (>= 4.3) - restriction: || (&& (< monoandroid) (< monotouch) (< net45) (>= netstandard1.5) (< win8) (< wpa81) (< xamarinios) (< xamarinmac) (< xamarintvos) (< xamarinwatchos)) (&& (< monoandroid) (< net45) (>= netstandard1.0) (< netstandard1.3) (< win8) (< wp8) (< wpa81)) (&& (< monoandroid) (< net45) (>= netstandard1.3) (< netstandard1.5) (< win8) (< wpa81))
    System.Reflection (4.3) - restriction: || (&& (< net35) (>= net45) (>= netstandard1.3) (< netstandard2.0)) (&& (< net35) (>= net461)) (&& (< net35) (>= netstandard2.0)) (&& (< net45) (>= netstandard2.0)) (&& (>= net461) (>= netstandard2.0))
      Microsoft.NETCore.Platforms (>= 1.1) - restriction: || (&& (< monoandroid) (< monotouch) (< net45) (>= netstandard1.5) (< win8) (< wpa81) (< xamarinios) (< xamarinmac) (< xamarintvos) (< xamarinwatchos)) (&& (< monoandroid) (< net45) (>= netstandard1.0) (< netstandard1.3) (< win8) (< wp8) (< wpa81)) (&& (< monoandroid) (< net45) (>= netstandard1.3) (< netstandard1.5) (< win8) (< wpa81))
      Microsoft.NETCore.Targets (>= 1.1) - restriction: || (&& (< monoandroid) (< monotouch) (< net45) (>= netstandard1.5) (< win8) (< wpa81) (< xamarinios) (< xamarinmac) (< xamarintvos) (< xamarinwatchos)) (&& (< monoandroid) (< net45) (>= netstandard1.0) (< netstandard1.3) (< win8) (< wp8) (< wpa81)) (&& (< monoandroid) (< net45) (>= netstandard1.3) (< netstandard1.5) (< win8) (< wpa81))
      System.IO (>= 4.3) - restriction: || (&& (< monoandroid) (< monotouch) (< net45) (>= netstandard1.5) (< win8) (< wpa81) (< xamarinios) (< xamarinmac) (< xamarintvos) (< xamarinwatchos)) (&& (< monoandroid) (< net45) (>= netstandard1.0) (< netstandard1.3) (< win8) (< wp8) (< wpa81)) (&& (< monoandroid) (< net45) (>= netstandard1.3) (< netstandard1.5) (< win8) (< wpa81))
      System.Reflection.Primitives (>= 4.3) - restriction: || (&& (< monoandroid) (< monotouch) (< net45) (>= netstandard1.5) (< win8) (< wpa81) (< xamarinios) (< xamarinmac) (< xamarintvos) (< xamarinwatchos)) (&& (< monoandroid) (< net45) (>= netstandard1.0) (< netstandard1.3) (< win8) (< wp8) (< wpa81)) (&& (< monoandroid) (< net45) (>= netstandard1.3) (< netstandard1.5) (< win8) (< wpa81))
      System.Runtime (>= 4.3) - restriction: || (&& (< monoandroid) (< monotouch) (< net45) (>= netstandard1.5) (< win8) (< wpa81) (< xamarinios) (< xamarinmac) (< xamarintvos) (< xamarinwatchos)) (&& (< monoandroid) (< net45) (>= netstandard1.0) (< netstandard1.3) (< win8) (< wp8) (< wpa81)) (&& (< monoandroid) (< net45) (>= netstandard1.3) (< netstandard1.5) (< win8) (< wpa81))
    System.Reflection.Emit.ILGeneration (4.3) - restriction: && (< monoandroid) (< net45) (>= netstandard2.0) (< xamarinios) (< xamarinmac)
      System.Reflection (>= 4.3) - restriction: && (< monoandroid) (< monotouch) (< net45) (>= netstandard1.0) (< wp8) (< xamarinios) (< xamarinmac) (< xamarintvos) (< xamarinwatchos)
      System.Reflection.Primitives (>= 4.3) - restriction: && (< monoandroid) (< monotouch) (< net45) (>= netstandard1.0) (< wp8) (< xamarinios) (< xamarinmac) (< xamarintvos) (< xamarinwatchos)
      System.Runtime (>= 4.3) - restriction: && (< monoandroid) (< monotouch) (< net45) (>= netstandard1.0) (< wp8) (< xamarinios) (< xamarinmac) (< xamarintvos) (< xamarinwatchos)
    System.Reflection.Emit.Lightweight (4.3) - restriction: && (< net45) (>= netstandard2.0)
      System.Reflection (>= 4.3) - restriction: && (< monoandroid) (< monotouch) (< net45) (>= netstandard1.0) (< wp8) (< xamarinios) (< xamarinmac) (< xamarintvos) (< xamarinwatchos)
      System.Reflection.Emit.ILGeneration (>= 4.3) - restriction: && (< monoandroid) (< monotouch) (< net45) (>= netstandard1.0) (< wp8) (< xamarinios) (< xamarinmac) (< xamarintvos) (< xamarinwatchos)
      System.Reflection.Primitives (>= 4.3) - restriction: && (< monoandroid) (< monotouch) (< net45) (>= netstandard1.0) (< wp8) (< xamarinios) (< xamarinmac) (< xamarintvos) (< xamarinwatchos)
      System.Runtime (>= 4.3) - restriction: && (< monoandroid) (< monotouch) (< net45) (>= netstandard1.0) (< wp8) (< xamarinios) (< xamarinmac) (< xamarintvos) (< xamarinwatchos)
    System.Reflection.Primitives (4.3) - restriction: || (&& (< monoandroid) (< net35) (< netstandard1.3) (>= netstandard2.0) (< win8) (< wpa81)) (&& (< monoandroid) (< net35) (< netstandard1.5) (>= netstandard2.0) (< win8) (< wpa81)) (&& (< monoandroid) (< net35) (>= netstandard2.0) (< win8) (< wpa81) (< xamarinios) (< xamarinmac)) (&& (< monoandroid) (< net45) (< netstandard1.3) (>= netstandard2.0) (< win8) (< wpa81)) (&& (< monoandroid) (< net45) (< netstandard1.5) (>= netstandard2.0) (< win8) (< wpa81)) (&& (< monoandroid) (< net45) (>= netstandard2.0) (< xamarinios) (< xamarinmac)) (&& (< net35) (>= net45) (>= netstandard1.3) (< netstandard1.5)) (&& (< net35) (>= net45) (>= netstandard1.5) (< netstandard2.0)) (&& (< net35) (>= net461) (< netstandard1.3)) (&& (< net35) (>= net461) (>= netstandard1.5)) (&& (< net35) (>= net461) (< netstandard1.5)) (&& (< net45) (>= net461) (>= netstandard2.0))
      Microsoft.NETCore.Platforms (>= 1.1) - restriction: && (< monoandroid) (< monotouch) (< net45) (>= netstandard1.0) (< win8) (< wp8) (< wpa81) (< xamarinios) (< xamarinmac) (< xamarintvos) (< xamarinwatchos)
      Microsoft.NETCore.Targets (>= 1.1) - restriction: && (< monoandroid) (< monotouch) (< net45) (>= netstandard1.0) (< win8) (< wp8) (< wpa81) (< xamarinios) (< xamarinmac) (< xamarintvos) (< xamarinwatchos)
      System.Runtime (>= 4.3) - restriction: && (< monoandroid) (< monotouch) (< net45) (>= netstandard1.0) (< win8) (< wp8) (< wpa81) (< xamarinios) (< xamarinmac) (< xamarintvos) (< xamarinwatchos)
    System.Reflection.TypeExtensions (4.5.1) - restriction: || (&& (< net35) (>= net45) (>= netstandard1.3) (< netstandard2.0)) (&& (< net35) (>= net461)) (&& (< net35) (>= netstandard2.0)) (&& (< net45) (>= netstandard2.0)) (&& (>= net461) (>= netstandard2.0))
    System.Runtime (4.3) - restriction: || (&& (< monoandroid) (< net35) (< netstandard1.3) (>= netstandard2.0) (< win8) (< wpa81)) (&& (< monoandroid) (< net35) (< netstandard1.5) (>= netstandard2.0) (< win8) (< wpa81)) (&& (< monoandroid) (< net35) (>= netstandard2.0) (< win8) (< wpa81) (< xamarinios) (< xamarinmac)) (&& (< monoandroid) (< net45) (< netstandard1.3) (>= netstandard2.0) (< win8) (< wpa81)) (&& (< monoandroid) (< net45) (< netstandard1.5) (>= netstandard2.0) (< win8) (< wpa81)) (&& (< monoandroid) (< net45) (>= netstandard2.0) (< xamarinios) (< xamarinmac)) (&& (< net35) (>= net45) (>= netstandard1.3) (< netstandard1.5)) (&& (< net35) (>= net45) (>= netstandard1.5) (< netstandard2.0)) (&& (< net35) (>= net461) (< netstandard1.3)) (&& (< net35) (>= net461) (>= netstandard1.5)) (&& (< net35) (>= net461) (< netstandard1.5)) (&& (< net45) (>= net461) (>= netstandard2.0))
      Microsoft.NETCore.Platforms (>= 1.1) - restriction: || (&& (< monoandroid) (< monotouch) (< net45) (>= netstandard1.5) (< win8) (< wpa81) (< xamarinios) (< xamarinmac) (< xamarintvos) (< xamarinwatchos)) (&& (< monoandroid) (< net45) (>= netstandard1.0) (< netstandard1.2) (< win8) (< wp8)) (&& (< monoandroid) (< net45) (>= netstandard1.2) (< netstandard1.3) (< win8) (< wpa81)) (&& (< monoandroid) (< net45) (>= netstandard1.3) (< netstandard1.5) (< win8) (< wpa81))
      Microsoft.NETCore.Targets (>= 1.1) - restriction: || (&& (< monoandroid) (< monotouch) (< net45) (>= netstandard1.5) (< win8) (< wpa81) (< xamarinios) (< xamarinmac) (< xamarintvos) (< xamarinwatchos)) (&& (< monoandroid) (< net45) (>= netstandard1.0) (< netstandard1.2) (< win8) (< wp8)) (&& (< monoandroid) (< net45) (>= netstandard1.2) (< netstandard1.3) (< win8) (< wpa81)) (&& (< monoandroid) (< net45) (>= netstandard1.3) (< netstandard1.5) (< win8) (< wpa81))
    System.Text.Encoding (4.3) - restriction: || (&& (< monoandroid) (< net35) (< netstandard1.3) (>= netstandard2.0) (< win8) (< wpa81)) (&& (< monoandroid) (< net35) (< netstandard1.5) (>= netstandard2.0) (< win8) (< wpa81)) (&& (< monoandroid) (< net35) (>= netstandard2.0) (< win8) (< wpa81) (< xamarinios) (< xamarinmac)) (&& (< monoandroid) (< net45) (< netstandard1.3) (>= netstandard2.0) (< win8) (< wpa81)) (&& (< monoandroid) (< net45) (< netstandard1.5) (>= netstandard2.0) (< win8) (< wpa81)) (&& (< monoandroid) (< net45) (>= netstandard2.0) (< win8) (< wpa81) (< xamarinios) (< xamarinmac)) (&& (< net35) (>= net45) (>= netstandard1.3) (< netstandard1.5)) (&& (< net35) (>= net45) (< netstandard1.3) (>= netstandard1.5)) (&& (< net35) (>= net45) (>= netstandard1.5) (< netstandard2.0)) (&& (< net35) (>= net461) (< netstandard1.3)) (&& (< net35) (>= net461) (>= netstandard1.5)) (&& (< net35) (>= net461) (< netstandard1.5)) (&& (< net45) (>= net461) (>= netstandard2.0))
      Microsoft.NETCore.Platforms (>= 1.1) - restriction: || (&& (< monoandroid) (< monotouch) (< net45) (>= netstandard1.3) (< win8) (< wpa81) (< xamarinios) (< xamarinmac) (< xamarintvos) (< xamarinwatchos)) (&& (< monoandroid) (< net45) (>= netstandard1.0) (< netstandard1.3) (< win8) (< wp8) (< wpa81))
      Microsoft.NETCore.Targets (>= 1.1) - restriction: || (&& (< monoandroid) (< monotouch) (< net45) (>= netstandard1.3) (< win8) (< wpa81) (< xamarinios) (< xamarinmac) (< xamarintvos) (< xamarinwatchos)) (&& (< monoandroid) (< net45) (>= netstandard1.0) (< netstandard1.3) (< win8) (< wp8) (< wpa81))
      System.Runtime (>= 4.3) - restriction: || (&& (< monoandroid) (< monotouch) (< net45) (>= netstandard1.3) (< win8) (< wpa81) (< xamarinios) (< xamarinmac) (< xamarintvos) (< xamarinwatchos)) (&& (< monoandroid) (< net45) (>= netstandard1.0) (< netstandard1.3) (< win8) (< wp8) (< wpa81))
    System.Threading.Tasks (4.3) - restriction: || (&& (< monoandroid) (< net35) (< netstandard1.3) (>= netstandard2.0) (< win8) (< wpa81)) (&& (< monoandroid) (< net35) (< netstandard1.5) (>= netstandard2.0) (< win8) (< wpa81)) (&& (< monoandroid) (< net35) (>= netstandard2.0) (< win8) (< wpa81) (< xamarinios) (< xamarinmac)) (&& (< monoandroid) (< net45) (< netstandard1.3) (>= netstandard2.0) (< win8) (< wpa81)) (&& (< monoandroid) (< net45) (< netstandard1.5) (>= netstandard2.0) (< win8) (< wpa81)) (&& (< monoandroid) (< net45) (>= netstandard2.0) (< win8) (< wpa81) (< xamarinios) (< xamarinmac)) (&& (< net35) (>= net45) (>= netstandard1.3) (< netstandard1.5)) (&& (< net35) (>= net45) (< netstandard1.3) (>= netstandard1.5)) (&& (< net35) (>= net45) (>= netstandard1.5) (< netstandard2.0)) (&& (< net35) (>= net461) (< netstandard1.3)) (&& (< net35) (>= net461) (>= netstandard1.5)) (&& (< net35) (>= net461) (< netstandard1.5)) (&& (< net45) (>= net461) (>= netstandard2.0))
      Microsoft.NETCore.Platforms (>= 1.1) - restriction: || (&& (< monoandroid) (< monotouch) (< net45) (>= netstandard1.3) (< win8) (< wpa81) (< xamarinios) (< xamarinmac) (< xamarintvos) (< xamarinwatchos)) (&& (< monoandroid) (< net45) (>= netstandard1.0) (< netstandard1.3) (< win8) (< wp8) (< wpa81))
      Microsoft.NETCore.Targets (>= 1.1) - restriction: || (&& (< monoandroid) (< monotouch) (< net45) (>= netstandard1.3) (< win8) (< wpa81) (< xamarinios) (< xamarinmac) (< xamarintvos) (< xamarinwatchos)) (&& (< monoandroid) (< net45) (>= netstandard1.0) (< netstandard1.3) (< win8) (< wp8) (< wpa81))
      System.Runtime (>= 4.3) - restriction: || (&& (< monoandroid) (< monotouch) (< net45) (>= netstandard1.3) (< win8) (< wpa81) (< xamarinios) (< xamarinmac) (< xamarintvos) (< xamarinwatchos)) (&& (< monoandroid) (< net45) (>= netstandard1.0) (< netstandard1.3) (< win8) (< wp8) (< wpa81))
    TypeShape (8.0.1) - restriction: || (&& (>= net45) (< netstandard2.0)) (&& (< net45) (>= netstandard2.0)) (>= net461)
      FSharp.Core (>= 3.1.2) - restriction: >= net45
      FSharp.Core (>= 4.3.4) - restriction: && (< net45) (>= netstandard2.0)
      System.Reflection.Emit.Lightweight (>= 4.3) - restriction: && (< net45) (>= netstandard2.0)
